GEM
  remote: https://rubygems.org/
  specs:
    connection_pool (1.0.0)
    couchbase (1.3.3)
      connection_pool (~> 1.0.0)
      multi_json (~> 1.0)
      yaji (~> 0.3.2)
    diff-lcs (1.2.5)
    docile (1.1.0)
    lockfile (2.1.0)
    multi_json (1.8.2)
    rake (10.1.0)
    rspec (2.14.1)
      rspec-core (~> 2.14.0)
      rspec-expectations (~> 2.14.0)
      rspec-mocks (~> 2.14.0)
    rspec-core (2.14.7)
    rspec-expectations (2.14.4)
      diff-lcs (>= 1.1.3, < 2.0)
    rspec-mocks (2.14.4)
    simplecov (0.8.1)
      docile (~> 1.1.0)
      lockfile (>= 2.1.0)
      multi_json
      simplecov-html (~> 0.8.0)
    simplecov-html (0.8.0)
    yaji (0.3.4)

PLATFORMS
  ruby

DEPENDENCIES
  couchbase
  rake
  rspec
  simplecov
